GEM
  remote: https://rubygems.org/
  specs:
    activesupport (6.1.7.7)
      concurrent-ruby (~> 1.0, >= 1.0.2)
      i18n (>= 1.6, < 2)
      minitest (>= 5.1)
      tzinfo (~> 2.0)
      zeitwerk (~> 2.3)
    ansi (1.5.0)
    ast (2.4.2)
    concurrent-ruby (1.2.3)
    i18n (1.14.1)
      concurrent-ruby (~> 1.0)
    minitest (5.22.2)
    oga (3.4)
      ast
      ruby-ll (~> 2.1)
    pdf-core (0.9.0)
    prawn (2.4.0)
      pdf-core (~> 0.9.0)
      ttfunk (~> 1.7)
    prawn-html (0.7.1)
      oga (~> 3.3)
      prawn (~> 2.4)
    ruby-ll (2.1.3)
      ansi
      ast
    ttfunk (1.7.0)
    tzinfo (2.0.6)
      concurrent-ruby (~> 1.0)
    wicked_pdf (2.8.0)
      activesupport
    wkhtmltopdf-binary (0.12.6.6)
    zeitwerk (2.6.13)

PLATFORMS
  ruby

DEPENDENCIES
  prawn (~> 2.4)
  prawn-html (~> 0.7.1)
  wicked_pdf
  wkhtmltopdf-binary

BUNDLED WITH
   1.17.2
